PATH
  remote: .
  specs:
    hubber (0.1.1)

GEM
  remote: https://rubygems.org/
  specs:
    rake (10.5.0)

PLATFORMS
  ruby

DEPENDENCIES
  bundler (~> 1.16)
  hubber!
  rake (~> 10.0)

BUNDLED WITH
   1.16.2
